GEM
  remote: https://rubygems.org/
  specs:
    EXtremeZip (2022.2.6)
      VictoriaFreSh (~> 2022.1.27, >= 2022.1.27)
      cod (>= 0.6.0)
      get_process_mem (>= 0.2.7)
      hx_cbor (>= 2021.8.20)
      notifier (>= 0.5.2)
      ruby-lzma (>= 0.4.3)
      uuid (>= 2.3.9)
    EventChart (2022.6.12)
      cod (>= 0.6.0)
      get_process_mem (>= 0.2.7)
      hx_cbor (>= 2021.8.20)
      notifier (>= 0.5.2)
      ruby-lzma (>= 0.4.3)
      uuid (>= 2.3.9)
    VictoriaFreSh (2022.1.27)
      get_process_mem (>= 0.2.7)
      hx_cbor (>= 2021.8.20)
    awesome_print (1.9.2)
    byebug (11.1.3)
    cod (0.6.0)
    eventmachine (1.2.7)
    ffi (1.15.3)
    get_process_mem (0.2.7)
      ffi (~> 1.0)
    httparty (0.20.0)
      mime-types (~> 3.0)
      multi_xml (>= 0.5.2)
    hx_cbor (2021.8.20)
    macaddr (1.7.2)
      systemu (~> 2.6.5)
    memory_profiler (1.0.0)
    mime-types (3.4.1)
      mime-types-data (~> 3.2015)
    mime-types-data (3.2022.0105)
    mini_portile2 (2.8.0)
    multi_xml (0.6.0)
    nokogiri (1.13.3)
      mini_portile2 (~> 2.8.0)
      racc (~> 1.4)
    notifier (0.5.2)
    oj (3.13.2)
    racc (1.6.0)
    roo (2.8.3)
      nokogiri (~> 1)
      rubyzip (>= 1.3.0, < 3.0.0)
    roo-xls (1.2.0)
      nokogiri
      roo (>= 2.0.0, < 3)
      spreadsheet (> 0.9.0)
    ruby-lzma (0.4.3)
    ruby-ole (1.2.12.2)
    rubyzip (2.3.2)
    spreadsheet (1.3.0)
      ruby-ole
    stackprof (0.2.25)
    systemu (2.6.5)
    table_print (1.5.7)
    tushare (0.2.0)
      awesome_print (~> 1.7)
      httparty (~> 0.14)
      nokogiri (~> 1.7)
      roo (~> 2.7)
      roo-xls (~> 1.0)
      table_print (~> 1.5)
    uuid (2.3.9)
      macaddr (~> 1.0)
    websocket (1.2.9)
    websocket-eventmachine-base (1.2.0)
      eventmachine (~> 1.0)
      websocket (~> 1.0)
      websocket-native (~> 1.0)
    websocket-eventmachine-server (1.0.1)
      websocket-eventmachine-base (~> 1.0)
    websocket-native (1.0.0)

PLATFORMS
  ruby

DEPENDENCIES
  EXtremeZip (>= 2022.2.6)
  EventChart
  byebug
  eventmachine
  get_process_mem
  hx_cbor
  memory_profiler
  oj
  stackprof
  tushare
  websocket-eventmachine-server

BUNDLED WITH
   2.2.21
